GEM
  remote: https://rubygems.org/
  specs:
    hipchat (1.4.0)
      httparty
    httparty (0.13.3)
      json (~> 1.8)
      multi_xml (>= 0.5.2)
    json (1.8.6)
    multi_xml (0.5.5)
    rack (1.6.0)
    rack-protection (1.5.3)
      rack
    sinatra (1.4.5)
      rack (~> 1.4)
      rack-protection (~> 1.4)
      tilt (~> 1.3, >= 1.3.4)
    slack-notifier (2.1.0)
    tilt (1.4.1)

PLATFORMS
  ruby

DEPENDENCIES
  hipchat
  json
  rack
  sinatra
  slack-notifier

RUBY VERSION
   ruby 2.4.0p0

BUNDLED WITH
   1.14.4
